GEM
  remote: https://rubygems.org/
  specs:
    cinch (2.3.4)
    mini_portile2 (2.8.0)
    nokogiri (1.13.4)
      mini_portile2 (~> 2.8.0)
      racc (~> 1.4)
    racc (1.6.0)

PLATFORMS
  ruby

DEPENDENCIES
  cinch (~> 2.3.4)
  nokogiri

BUNDLED WITH
   2.0.2
