GEM
  remote: https://rubygems.org/
  specs:
    cinch (2.3.4)
    mini_portile2 (2.8.8)
    nokogiri (1.18.8)
      mini_portile2 (~> 2.8.2)
      racc (~> 1.4)
    racc (1.8.1)

PLATFORMS
  ruby

DEPENDENCIES
  cinch (~> 2.3.4)
  nokogiri

BUNDLED WITH
   2.0.2
